FRAMEWORK: NET452, PORTABLE-NET45+WIN8
NUGET
  remote: http://www.nuget.org/api/v2
    Microsoft.CodeAnalysis.Analyzers (1.1)
    Microsoft.CodeAnalysis.Common (1.2.2)
      Microsoft.CodeAnalysis.Analyzers (>= 1.1)
      System.Collections.Immutable (>= 1.1.37)
      System.Reflection.Metadata (>= 1.2)
    Microsoft.CodeAnalysis.CSharp (1.2.2)
      Microsoft.CodeAnalysis.Common (1.2.2)
    Microsoft.CodeAnalysis.CSharp.Workspaces (1.2.2)
      Microsoft.CodeAnalysis.CSharp (1.2.2)
      Microsoft.CodeAnalysis.Workspaces.Common (1.2.2)
    Microsoft.CodeAnalysis.Workspaces.Common (1.2.2)
      Microsoft.CodeAnalysis.Common (1.2.2)
      Microsoft.Composition (>= 1.0.27)
    Microsoft.Composition (1.0.27)
    Microsoft.NETCore.Platforms (1.1) - framework: net452
    Microsoft.NETCore.Targets (1.1) - framework: net452
    System.Collections (4.3)
    System.Collections.Immutable (1.1.37)
      System.Collections (>= 4.0)
      System.Diagnostics.Debug (>= 4.0)
      System.Globalization (>= 4.0)
      System.Linq (>= 4.0)
      System.Resources.ResourceManager (>= 4.0)
      System.Runtime (>= 4.0)
      System.Runtime.Extensions (>= 4.0)
      System.Threading (>= 4.0)
    System.Diagnostics.Debug (4.3)
    System.Globalization (4.3)
      Microsoft.NETCore.Platforms (>= 1.1)
      Microsoft.NETCore.Targets (>= 1.1)
      System.Runtime (>= 4.3)
    System.IO (4.3) - framework: net452
    System.Linq (4.3)
    System.Reflection (4.3) - framework: net452
    System.Reflection.Extensions (4.3) - framework: net452
    System.Reflection.Metadata (1.2)
      System.Collections (>= 4.0)
      System.Collections.Immutable (>= 1.1.37)
      System.Diagnostics.Debug (>= 4.0)
      System.IO (>= 4.0)
      System.Linq (>= 4.0)
      System.Reflection (>= 4.0)
      System.Reflection.Extensions (>= 4.0)
      System.Reflection.Primitives (>= 4.0)
      System.Resources.ResourceManager (>= 4.0)
      System.Runtime (>= 4.0)
      System.Runtime.Extensions (>= 4.0)
      System.Runtime.InteropServices (>= 4.0)
      System.Text.Encoding (>= 4.0)
      System.Text.Encoding.Extensions (>= 4.0)
      System.Threading (>= 4.0)
    System.Reflection.Primitives (4.3) - framework: net452
    System.Resources.ResourceManager (4.3)
    System.Runtime (4.3)
    System.Runtime.Extensions (4.3)
    System.Runtime.InteropServices (4.3) - framework: net452
    System.Text.Encoding (4.3) - framework: net452
    System.Text.Encoding.Extensions (4.3) - framework: net452
    System.Threading (4.3)

GROUP Analyzers
FRAMEWORK: NET452, PORTABLE-NET45+WIN8
NUGET
  remote: http://www.nuget.org/api/v2
    AsyncUsageAnalyzers (1.0.0-alpha003)
    Gu.Analyzers (0.1.11.23-dev)
    JetBrains.Annotations (10.4)
      System.Runtime (>= 4.1)
    Microsoft.CodeAnalysis.Analyzers (1.1)
    StyleCop.Analyzers (1.0.1)
    System.Runtime (4.3) - framework: net452

GROUP Benchmarks
FRAMEWORK: NET461
NUGET
  remote: http://www.nuget.org/api/v2
    BenchmarkDotNet (0.10.4)
      BenchmarkDotNet.Core (>= 0.10.4)
      BenchmarkDotNet.Toolchains.Roslyn (>= 0.10.4)
    BenchmarkDotNet.Core (0.10.4)
      Microsoft.DotNet.InternalAbstractions (>= 1.0)
      Microsoft.DotNet.PlatformAbstractions (>= 1.1.1)
      System.Threading.Tasks.Extensions (>= 4.3)
      System.ValueTuple (>= 4.3)
    BenchmarkDotNet.Diagnostics.Windows (0.10.4)
      BenchmarkDotNet (>= 0.10.4)
      Microsoft.Diagnostics.Tracing.TraceEvent (>= 1.0.41)
    BenchmarkDotNet.Toolchains.Roslyn (0.10.4)
      BenchmarkDotNet.Core (>= 0.10.4)
      Microsoft.CodeAnalysis.CSharp (>= 2.0)
      System.Threading.Tasks (>= 4.3)
    ManagedEsent (1.9.4)
    Microsoft.CodeAnalysis.Analyzers (1.1)
    Microsoft.CodeAnalysis.Common (2.1)
      Microsoft.CodeAnalysis.Analyzers (>= 1.1)
      System.AppContext (>= 4.3)
      System.Collections (>= 4.3)
      System.Collections.Concurrent (>= 4.3)
      System.Collections.Immutable (>= 1.3.1)
      System.Console (>= 4.3)
      System.Diagnostics.Debug (>= 4.3)
      System.Diagnostics.FileVersionInfo (>= 4.3)
      System.Diagnostics.StackTrace (>= 4.3)
      System.Diagnostics.Tools (>= 4.3)
      System.Dynamic.Runtime (>= 4.3)
      System.Globalization (>= 4.3)
      System.IO.Compression (>= 4.3)
      System.IO.FileSystem (>= 4.3)
      System.IO.FileSystem.Primitives (>= 4.3)
      System.Linq (>= 4.3)
      System.Linq.Expressions (>= 4.3)
      System.Reflection (>= 4.3)
      System.Reflection.Metadata (>= 1.4.2)
      System.Resources.ResourceManager (>= 4.3)
      System.Runtime (>= 4.3)
      System.Runtime.Extensions (>= 4.3)
      System.Runtime.InteropServices (>= 4.3)
      System.Runtime.Numerics (>= 4.3)
      System.Security.Cryptography.Algorithms (>= 4.3)
      System.Security.Cryptography.Encoding (>= 4.3)
      System.Security.Cryptography.X509Certificates (>= 4.3)
      System.Text.Encoding (>= 4.3)
      System.Text.Encoding.CodePages (>= 4.3)
      System.Text.Encoding.Extensions (>= 4.3)
      System.Threading (>= 4.3)
      System.Threading.Tasks (>= 4.3)
      System.Threading.Tasks.Parallel (>= 4.3)
      System.Threading.Thread (>= 4.3)
      System.ValueTuple (>= 4.3)
      System.Xml.ReaderWriter (>= 4.3)
      System.Xml.XDocument (>= 4.3)
      System.Xml.XmlDocument (>= 4.3)
      System.Xml.XPath.XDocument (>= 4.3)
    Microsoft.CodeAnalysis.CSharp (2.1)
      Microsoft.CodeAnalysis.Common (2.1)
    Microsoft.CodeAnalysis.CSharp.Workspaces (2.1)
      Microsoft.CodeAnalysis.CSharp (2.1)
      Microsoft.CodeAnalysis.Workspaces.Common (2.1)
    Microsoft.CodeAnalysis.Elfie (0.10.6)
    Microsoft.CodeAnalysis.Workspaces.Common (2.1)
      ManagedEsent (>= 1.9.4)
      Microsoft.CodeAnalysis.Common (2.1)
      Microsoft.CodeAnalysis.Elfie (>= 0.10.6)
      Microsoft.Composition (>= 1.0.27)
    Microsoft.Composition (1.0.30)
    Microsoft.Diagnostics.Tracing.TraceEvent (1.0.41)
    Microsoft.DotNet.InternalAbstractions (1.0)
    Microsoft.DotNet.PlatformAbstractions (1.1.1)
    System.AppContext (4.3)
    System.Collections (4.3)
    System.Collections.Concurrent (4.3)
    System.Collections.Immutable (1.3.1)
    System.Console (4.3)
    System.Diagnostics.Debug (4.3)
    System.Diagnostics.FileVersionInfo (4.3)
    System.Diagnostics.StackTrace (4.3)
    System.Diagnostics.Tools (4.3)
    System.Dynamic.Runtime (4.3)
    System.Globalization (4.3)
    System.IO.Compression (4.3)
    System.IO.FileSystem (4.3)
      System.IO.FileSystem.Primitives (>= 4.3)
    System.IO.FileSystem.Primitives (4.3)
    System.Linq (4.3)
    System.Linq.Expressions (4.3)
    System.Reflection (4.3)
    System.Reflection.Metadata (1.4.2)
      System.Collections.Immutable (>= 1.3.1)
    System.Resources.ResourceManager (4.3)
    System.Runtime (4.3)
    System.Runtime.Extensions (4.3)
    System.Runtime.InteropServices (4.3)
    System.Runtime.Numerics (4.3)
    System.Security.Cryptography.Algorithms (4.3)
      System.Security.Cryptography.Primitives (>= 4.3)
    System.Security.Cryptography.Encoding (4.3)
    System.Security.Cryptography.Primitives (4.3)
    System.Security.Cryptography.X509Certificates (4.3)
      System.Security.Cryptography.Algorithms (>= 4.3)
      System.Security.Cryptography.Encoding (>= 4.3)
    System.Text.Encoding (4.3)
    System.Text.Encoding.CodePages (4.3)
    System.Text.Encoding.Extensions (4.3)
    System.Threading (4.3)
    System.Threading.Tasks (4.3)
    System.Threading.Tasks.Extensions (4.3)
    System.Threading.Tasks.Parallel (4.3)
    System.Threading.Thread (4.3)
    System.ValueTuple (4.3)
    System.Xml.ReaderWriter (4.3)
    System.Xml.XDocument (4.3)
    System.Xml.XmlDocument (4.3)
    System.Xml.XPath (4.3)
    System.Xml.XPath.XDocument (4.3)
      System.Xml.XPath (>= 4.3)

GROUP Build
FRAMEWORK: NET45
NUGET
  remote: http://www.nuget.org/api/v2
    Microsoft.VSSDK.BuildTools (15.0.26201)

GROUP Test
FRAMEWORK: NET452
NUGET
  remote: http://www.nuget.org/api/v2
    NUnit (3.6.1)
    System.Reactive (3.1.1)
      System.Reactive.PlatformServices (>= 3.1.1)
      System.Reactive.Windows.Threading (>= 3.1.1)
    System.Reactive.Core (3.1.1)
      System.Reactive.Interfaces (>= 3.1.1)
    System.Reactive.Interfaces (3.1.1)
    System.Reactive.Linq (3.1.1)
      System.Reactive.Core (>= 3.1.1)
    System.Reactive.PlatformServices (3.1.1)
      System.Reactive.Linq (>= 3.1.1)
    System.Reactive.Windows.Threading (3.1.1)
      System.Reactive.Core (>= 3.1.1)
